GEM
  remote: https://rubygems.org/
  specs:
    bson (1.9.2)
    bson_ext (1.9.2)
      bson (~> 1.9.2)
    coffee-script (2.2.0)
      coffee-script-source
      execjs
    coffee-script-source (1.7.0)
    daemons (1.1.9)
    domotics-arduino (0.3.7)
      serialport
    domotics-core (0.1.5)
      bson_ext
      domotics-arduino
      hiredis
      mongo
      rack
      redis
    eventmachine (1.0.3)
    execjs (2.0.2)
    ffi (1.9.3)
    hiredis (0.5.0)
    mongo (1.9.2)
      bson (~> 1.9.2)
    rack (1.5.2)
    rb-inotify (0.9.3)
      ffi (>= 0.5.0)
    redis (3.0.7)
    sass (3.3.4)
    serialport (1.3.0)
    slim (2.0.2)
      temple (~> 0.6.6)
      tilt (>= 1.3.3, < 2.1)
    temple (0.6.7)
    thin (1.6.2)
      daemons (>= 1.0.9)
      eventmachine (>= 1.0.0)
      rack (>= 1.0.0)
    tilt (2.0.1)

PLATFORMS
  ruby

DEPENDENCIES
  coffee-script
  domotics-core
  rb-inotify
  sass
  slim
  thin
