GEM
  remote: https://rubygems.org/
  specs:
    bson (1.10.0)
    bson_ext (1.10.0)
      bson (~> 1.10.0)
    coffee-script (2.2.0)
      coffee-script-source
      execjs
    coffee-script-source (1.7.0)
    daemons (1.1.9)
    domotics-arduino (0.3.8)
      serialport
    domotics-core (0.2.8)
      bson_ext
      domotics-arduino
      em-websocket
      hiredis
      mongo
      rack
      rb-inotify
      redis
    em-websocket (0.5.0)
      eventmachine (>= 0.12.9)
      http_parser.rb (~> 0.5.3)
    eventmachine (1.0.3)
    execjs (2.0.2)
    ffi (1.9.3)
    hiredis (0.5.1)
    http_parser.rb (0.5.3)
    mongo (1.10.0)
      bson (~> 1.10.0)
    rack (2.2.3)
    rb-inotify (0.9.3)
      ffi (>= 0.5.0)
    redis (3.0.7)
    sass (3.3.4)
    serialport (1.3.0)
    slim (2.0.2)
      temple (~> 0.6.6)
      tilt (>= 1.3.3, < 2.1)
    temple (0.6.7)
    thin (1.6.2)
      daemons (>= 1.0.9)
      eventmachine (>= 1.0.0)
      rack (>= 1.0.0)
    tilt (2.0.1)

PLATFORMS
  ruby

DEPENDENCIES
  coffee-script
  domotics-core
  hiredis
  rb-inotify
  redis
  sass
  slim
  thin
