GEM
  remote: https://rubygems.org/
  specs:
    hiredis (0.4.5)
    rack (1.5.2)
    rack-test (0.6.2)
      rack (>= 1.0)
    redis (3.0.4)
    serialport (1.1.0)
    test-unit (2.5.5)

PLATFORMS
  ruby

DEPENDENCIES
  hiredis
  rack
  rack-test
  redis
  serialport
  test-unit
