GEM
  remote: https://rubygems.org/
  specs:
    coffee-script (2.2.0)
      coffee-script-source
      execjs
    coffee-script-source (1.6.3)
    daemons (1.1.9)
    eventmachine (1.0.3)
    execjs (2.0.2)
    hiredis (0.4.5)
    rack (1.5.2)
    rack-test (0.6.2)
      rack (>= 1.0)
    redis (3.0.5)
    sass (3.2.12)
    serialport (1.1.0)
    slim (2.0.1)
      temple (~> 0.6.6)
      tilt (>= 1.3.3, < 2.1)
    temple (0.6.7)
    test-unit (2.5.5)
    thin (1.6.0)
      daemons (>= 1.0.9)
      eventmachine (>= 1.0.0)
      rack (>= 1.5.0)
    tilt (1.4.1)

PLATFORMS
  ruby

DEPENDENCIES
  coffee-script
  hiredis
  rack
  rack-test
  redis
  sass
  serialport
  slim
  test-unit
  thin
